GEM
  remote: http://rubygems.org/
  specs:
    crack (0.1.8)
    exifr (1.0.5)
    httparty (0.7.7)
      crack (= 0.1.8)
    i18n (0.5.0)
    mail (2.3.0)
      i18n (>= 0.4.0)
      mime-types (~> 1.16)
      treetop (~> 1.4.8)
    mime-types (1.16)
    mustache (0.99.3)
    polyglot (0.3.1)
    treetop (1.4.9)
      polyglot (>= 0.3.1)

PLATFORMS
  ruby

DEPENDENCIES
  exifr
  httparty
  mail
  mustache
